GEM
  remote: https://rubygems.org/
  specs:
    colored (1.2)
    cri (2.3.0)
      colored (>= 1.2)
    minitest (5.0.6)
    nanoc (3.6.4)
      cri (~> 2.3)
    rake (10.1.0)
    systemu (2.5.2)

PLATFORMS
  ruby

DEPENDENCIES
  minitest
  nanoc
  rake
  systemu
